PATH
  remote: .
  specs:
    airbrake_tools (1.1.6)
      json

GEM
  remote: https://rubygems.org/
  specs:
    addressable (2.3.6)
    bump (0.3.8)
    byebug (3.5.1)
      columnize (~> 0.8)
      debugger-linecache (~> 1.2)
      slop (~> 3.6)
    columnize (0.8.9)
    debugger-linecache (1.2.0)
    diff-lcs (1.1.3)
    json (1.8.1)
    launchy (2.4.2)
      addressable (~> 2.3)
    rake (0.9.2.2)
    rspec (2.11.0)
      rspec-core (~> 2.11.0)
      rspec-expectations (~> 2.11.0)
      rspec-mocks (~> 2.11.0)
    rspec-core (2.11.1)
    rspec-expectations (2.11.3)
      diff-lcs (~> 1.1.3)
    rspec-mocks (2.11.3)
    slop (3.6.0)

PLATFORMS
  ruby

DEPENDENCIES
  airbrake_tools!
  bump (= 0.3.8)
  byebug
  launchy
  rake
  rspec (~> 2)
